GEM
  remote: http://rubygems.org/
  specs:
    activemodel (3.0.7)
      activesupport (= 3.0.7)
      builder (~> 2.1.2)
      i18n (~> 0.5.0)
    activeresource (3.0.7)
      activemodel (= 3.0.7)
      activesupport (= 3.0.7)
    activesupport (3.0.7)
    builder (2.1.2)
    i18n (0.5.0)
    openVPNServer (0.0.2)
    rack (1.2.2)
    rack-test (0.6.0)
      rack (>= 1.0)
    rake (0.9.0)
    redgreen (1.2.2)
    shotgun (0.9)
      rack (>= 1.0)
    sinatra (1.2.6)
      rack (~> 1.1)
      tilt (>= 1.2.2, < 2.0)
    tilt (1.3)

PLATFORMS
  ruby

DEPENDENCIES
  activemodel
  activeresource
  openVPNServer
  rack-test
  rake
  redgreen
  shotgun
  sinatra
