GIT
  remote: https://github.com/openwisp/openVPNServer.git
  revision: 4ac49869684a34e5c5a17d4b91a7f94ae8569a5d
  specs:
    openVPNServer (0.0.2)

GEM
  remote: http://rubygems.org/
  specs:
    activemodel (3.0.7)
      activesupport (= 3.0.7)
      builder (~> 2.1.2)
      i18n (~> 0.5.0)
    activeresource (3.0.7)
      activemodel (= 3.0.7)
      activesupport (= 3.0.7)
    activesupport (3.0.7)
    builder (2.1.2)
    cap-recipes (0.3.36)
    capistrano (2.9.0)
      highline
      net-scp (>= 1.0.0)
      net-sftp (>= 2.0.0)
      net-ssh (>= 2.0.14)
      net-ssh-gateway (>= 1.1.0)
    capistrano-ext (1.2.1)
      capistrano (>= 1.0.0)
    capistrano_colors (0.5.5)
    highline (1.6.2)
    i18n (0.5.0)
    mocha (0.9.12)
    net-scp (1.0.4)
      net-ssh (>= 1.99.1)
    net-sftp (2.0.5)
      net-ssh (>= 2.0.9)
    net-ssh (2.2.1)
    net-ssh-gateway (1.1.0)
      net-ssh (>= 1.99.1)
    rack (1.2.2)
    rack-test (0.6.0)
      rack (>= 1.0)
    rake (0.9.0)
    shotgun (0.9)
      rack (>= 1.0)
    sinatra (1.2.6)
      rack (~> 1.1)
      tilt (>= 1.2.2, < 2.0)
    test-unit (2.3.0)
    tilt (1.3)

PLATFORMS
  ruby

DEPENDENCIES
  activemodel
  activeresource
  cap-recipes (~> 0.3.36)
  capistrano (~> 2.9.0)
  capistrano-ext (~> 1.2.1)
  capistrano_colors (~> 0.5.4)
  mocha
  openVPNServer (= 0.0.2)!
  rack-test
  rake
  shotgun
  sinatra
  test-unit
